PATH
  remote: .
  specs:
    sprock-assets (0.9.5)
      sprockets

GEM
  remote: http://rubygems.org/
  specs:
    diff-lcs (1.1.3)
    hike (1.2.1)
    multi_json (1.4.0)
    rack (1.4.1)
    rake (10.0.2)
    rspec (2.12.0)
      rspec-core (~> 2.12.0)
      rspec-expectations (~> 2.12.0)
      rspec-mocks (~> 2.12.0)
    rspec-core (2.12.1)
    rspec-expectations (2.12.0)
      diff-lcs (~> 1.1.3)
    rspec-mocks (2.12.0)
    sprockets (2.8.1)
      hike (~> 1.2)
      multi_json (~> 1.0)
      rack (~> 1.0)
      tilt (~> 1.1, != 1.3.0)
    tilt (1.3.3)

PLATFORMS
  ruby

DEPENDENCIES
  rack
  rake
  rspec
  sprock-assets!
