PATH
  remote: .
  specs:
    sprock-assets (0.0.1)
      sprockets

GEM
  remote: http://rubygems.org/
  specs:
    diff-lcs (1.1.3)
    hike (1.2.1)
    multi_json (1.3.6)
    rack (1.4.1)
    rake (0.9.2.2)
    rspec (2.11.0)
      rspec-core (~> 2.11.0)
      rspec-expectations (~> 2.11.0)
      rspec-mocks (~> 2.11.0)
    rspec-core (2.11.1)
    rspec-expectations (2.11.3)
      diff-lcs (~> 1.1.3)
    rspec-mocks (2.11.3)
    sprockets (2.6.0)
      hike (~> 1.2)
      multi_json (~> 1.0)
      rack (~> 1.0)
      tilt (~> 1.1, != 1.3.0)
    tilt (1.3.3)

PLATFORMS
  ruby

DEPENDENCIES
  rake
  rspec
  sprock-assets!
